PATH
  remote: .
  specs:
    plaid (11.1.1)
      faraday
      faraday_middleware
      hashie (>= 3.4.3)

GEM
  remote: https://rubygems.org/
  specs:
    ast (2.4.0)
    dotenv (2.4.0)
    faraday (1.10.3)
      faraday-em_http (~> 1.0)
      faraday-em_synchrony (~> 1.0)
      faraday-excon (~> 1.1)
      faraday-httpclient (~> 1.0)
      faraday-multipart (~> 1.0)
      faraday-net_http (~> 1.0)
      faraday-net_http_persistent (~> 1.0)
      faraday-patron (~> 1.0)
      faraday-rack (~> 1.0)
      faraday-retry (~> 1.0)
      ruby2_keywords (>= 0.0.4)
    faraday-em_http (1.0.0)
    faraday-em_synchrony (1.0.0)
    faraday-excon (1.1.0)
    faraday-httpclient (1.0.1)
    faraday-multipart (1.0.4)
      multipart-post (~> 2)
    faraday-net_http (1.0.1)
    faraday-net_http_persistent (1.2.0)
    faraday-patron (1.0.0)
    faraday-rack (1.0.0)
    faraday-retry (1.0.3)
    faraday_middleware (1.2.0)
      faraday (~> 1.0)
    hashie (5.0.0)
    minitest (5.11.3)
    minitest-around (0.4.1)
      minitest (~> 5.0)
    multipart-post (2.3.0)
    parallel (1.12.1)
    parser (2.5.1.0)
      ast (~> 2.4.0)
    powerpack (0.1.1)
    rainbow (3.0.0)
    rake (12.3.3)
    rdoc (6.0.4)
    rubocop (0.53.0)
      parallel (~> 1.10)
      parser (>= 2.5)
      powerpack (~> 0.1)
      rainbow (>= 2.2.2, < 4.0)
      ruby-progressbar (~> 1.7)
      unicode-display_width (~> 1.0, >= 1.0.1)
    ruby-progressbar (1.9.0)
    ruby2_keywords (0.0.5)
    sdoc (1.0.0)
      rdoc (>= 5.0)
    unicode-display_width (1.3.2)
    vcr (4.0.0)

PLATFORMS
  ruby

DEPENDENCIES
  bundler (~> 1.7)
  dotenv
  minitest (~> 5.10)
  minitest-around (~> 0.4.0)
  plaid!
  rake (>= 10.0)
  rubocop (~> 0.53.0)
  sdoc (~> 1.0.0)
  vcr (~> 4.0.0)

BUNDLED WITH
   1.17.2
